GEM
  remote: https://rubygems.org/
  specs:
    httpclient (2.8.3)
    tinify (1.5.0)
      httpclient (~> 2.6)

PLATFORMS
  ruby

DEPENDENCIES
  tinify

BUNDLED WITH
   1.15.3
